GEM
  remote: https://rubygems.org/
  specs:
    funkify (0.0.4)
    rack (1.6.4)
    rack-protection (1.5.3)
      rack
    sequel (4.26.0)
    sinatra (1.4.6)
      rack (~> 1.4)
      rack-protection (~> 1.4)
      tilt (>= 1.3, < 3)
    tilt (2.0.1)

PLATFORMS
  ruby

DEPENDENCIES
  funkify
  sequel
  sinatra

BUNDLED WITH
   1.10.6
